GIT
  remote: git://github.com/radar/forem-bootstrap.git
  revision: ed6dca40937b5c73e0ab04c912d27313e945362b
  specs:
    forem-bootstrap (0.0.1)
      bootstrap-sass (~> 2.3.2.1)

GIT
  remote: git://github.com/radar/forem.git
  revision: 136b0c036f2f9c52a267aa0ab7dcafdf1f3931f9
  specs:
    forem (1.0.0.beta1)
      bootstrap-sass (= 2.3.2.1)
      cancan (= 1.6.10)
      decorators (~> 1.0.2)
      friendly_id (~> 4.0, >= 4.0.9)
      gemoji (= 1.1.2)
      localeapp
      rails (>= 3.1.10, < 3.3, != 3.2.9, != 3.2.8, != 3.2.7, != 3.2.6, != 3.2.5, != 3.2.4, != 3.2.3, != 3.2.2, != 3.2.10, != 3.2.1, != 3.2.0)
      select2-rails (= 3.4.3)
      simple_form
      workflow (= 0.8.0)

GIT
  remote: https://github.com/bcardarella/client_side_validations.git
  revision: 92f4e452748880e97a5a2c70d6d86972b64848d3
  branch: 3-2-stable
  specs:
    client_side_validations (3.2.5)

GIT
  remote: https://github.com/coorasse/jquery-rjs.git
  revision: 799c27f133101be942e7dcfbac182ae0c4995f0d
  specs:
    jquery-rjs (0.1.1)
      jquery-rails
      rails (~> 3.1)

GIT
  remote: https://github.com/coorasse/maktoub.git
  revision: e04cb1594b90cf4c2d66d2f1902f626fa4f529fc
  specs:
    maktoub (0.2.5)
      nokogiri
      premailer
      rails (>= 3.1.1)

GIT
  remote: https://github.com/coorasse/vote-schulze.git
  revision: 0f47cbbe6c1e0020369fb6071a1a73bf93bbf7f7
  specs:
    vote-schulze (0.2.0)

GEM
  remote: http://rubygems.org/
  specs:
    actionmailer (3.2.13)
      actionpack (= 3.2.13)
      mail (~> 2.5.3)
    actionpack (3.2.13)
      activemodel (= 3.2.13)
      activesupport (= 3.2.13)
      builder (~> 3.0.0)
      erubis (~> 2.7.0)
      journey (~> 1.0.4)
      rack (~> 1.4.5)
      rack-cache (~> 1.2)
      rack-test (~> 0.6.1)
      sprockets (~> 2.2.1)
    activemodel (3.2.13)
      activesupport (= 3.2.13)
      builder (~> 3.0.0)
    activerecord (3.2.13)
      activemodel (= 3.2.13)
      activesupport (= 3.2.13)
      arel (~> 3.0.2)
      tzinfo (~> 0.3.29)
    activeresource (3.2.13)
      activemodel (= 3.2.13)
      activesupport (= 3.2.13)
    activesupport (3.2.13)
      i18n (= 0.6.1)
      multi_json (~> 1.0)
    addressable (2.3.5)
    arel (3.0.2)
    attr_required (0.0.5)
    bcrypt-ruby (3.1.1)
    bluecloth (2.0.7)
    bootstrap-sass (2.3.2.1)
      sass (~> 3.2)
    builder (3.0.4)
    bullet (4.6.0)
      uniform_notifier
    cancan (1.6.10)
    client_side_validations-simple_form (2.1.0)
      client_side_validations (~> 3.2.5)
      simple_form (~> 2.1.0)
    climate_control (0.0.3)
      activesupport (>= 3.0)
    cocaine (0.5.1)
      climate_control (>= 0.0.3, < 1.0)
    coffee-rails (3.2.2)
      coffee-script (>= 2.2.0)
      railties (~> 3.2.0)
    coffee-script (2.2.0)
      coffee-script-source
      execjs
    coffee-script-source (1.6.3)
    cookiejar (0.3.0)
    css_parser (1.3.4)
      addressable
    daemons (1.1.9)
    decorators (1.0.3)
      railties (>= 3.0.19, != 3.2.9, != 3.2.8, != 3.2.7, != 3.2.6, != 3.2.5, != 3.2.4, != 3.2.3, != 3.2.2, != 3.2.10, != 3.2.1, != 3.2.0, != 3.1.9, != 3.1.8, != 3.1.7, != 3.1.6, != 3.1.5, != 3.1.4, != 3.1.3, != 3.1.2, != 3.1.1, != 3.1.0)
    devise (2.0.4)
      bcrypt-ruby (~> 3.0)
      orm_adapter (~> 0.0.3)
      railties (~> 3.1)
      warden (~> 1.1.1)
    el_finder (1.1.8)
      image_size (>= 1.0.0)
    em-http-request (1.1.0)
      addressable (>= 2.3.4)
      cookiejar
      em-socksify (>= 0.3)
      eventmachine (>= 1.0.3)
      http_parser.rb (>= 0.6.0.beta.2)
    em-socksify (0.3.0)
      eventmachine (>= 1.0.0.beta.4)
    email_preview (1.5.3)
      rails (>= 3.0)
    erubis (2.7.0)
    eventmachine (1.0.3)
    exception_notification (2.6.1)
      actionmailer (>= 3.0.4)
    execjs (1.4.0)
      multi_json (~> 1.0)
    faraday (0.8.7)
      multipart-post (~> 1.1)
    faye (0.8.9)
      cookiejar (>= 0.3.0)
      em-http-request (>= 0.3.0)
      eventmachine (>= 0.12.0)
      faye-websocket (>= 0.4.0)
      rack (>= 1.0.0)
      yajl-ruby (>= 1.0.0)
    faye-websocket (0.6.2)
      eventmachine (>= 0.12.0)
      websocket-driver (>= 0.2.0)
    fb_graph (2.7.7)
      httpclient (>= 2.2.0.2)
      multi_json (>= 1.3)
      rack-oauth2 (>= 0.14.4)
      tzinfo
    foreigner (1.4.2)
      activerecord (>= 3.0.0)
    friendly_id (4.0.9)
    gemoji (1.1.2)
    gli (2.7.0)
    globalize3 (0.3.0)
      activemodel (>= 3.0.0)
      activerecord (>= 3.0.0)
      paper_trail (~> 2)
    hashie (2.0.5)
    hike (1.2.3)
    htmlentities (4.3.1)
    http_parser.rb (0.6.0.beta.2)
    httparty (0.11.0)
      multi_json (~> 1.0)
      multi_xml (>= 0.5.2)
    httpauth (0.2.0)
    httpclient (2.3.3)
    i18n (0.6.1)
    icalendar (1.4.1)
    image_size (1.1.3)
    journey (1.0.4)
    jquery-rails (2.1.4)
      railties (>= 3.0, < 5.0)
      thor (>= 0.14, < 2.0)
    json (1.8.0)
    jwt (0.1.8)
      multi_json (>= 1.5)
    libv8 (3.3.10.4)
    localeapp (0.6.10)
      gli
      i18n
      json
      rack
      rest-client
      ya2yaml
    mail (2.5.4)
      mime-types (~> 1.16)
      treetop (~> 1.4.8)
    mime-types (1.23)
    mini_portile (0.5.1)
    mono_logger (1.1.0)
    multi_json (1.7.7)
    multi_xml (0.5.4)
    multipart-post (1.2.0)
    nickname_generator (0.0.1)
    nokogiri (1.6.0)
      mini_portile (~> 0.5.0)
    oauth (0.4.7)
    oauth2 (0.8.1)
      faraday (~> 0.8)
      httpauth (~> 0.1)
      jwt (~> 0.1.4)
      multi_json (~> 1.0)
      rack (~> 1.2)
    omniauth (1.1.4)
      hashie (>= 1.2, < 3)
      rack
    omniauth-facebook (1.4.1)
      omniauth-oauth2 (~> 1.1.0)
    omniauth-google-oauth2 (0.2.0)
      omniauth (~> 1.0)
      omniauth-oauth2
    omniauth-linkedin (0.1.0)
      omniauth-oauth (~> 1.0)
    omniauth-meetup (0.0.7)
      omniauth (~> 1.0)
      omniauth-oauth2 (~> 1.0)
    omniauth-oauth (1.0.1)
      oauth
      omniauth (~> 1.0)
    omniauth-oauth2 (1.1.1)
      oauth2 (~> 0.8.0)
      omniauth (~> 1.0)
    omniauth-openid (1.0.1)
      omniauth (~> 1.0)
      rack-openid (~> 1.3.1)
    omniauth-twitter (1.0.0)
      multi_json (~> 1.3)
      omniauth-oauth (~> 1.0)
    orm_adapter (0.0.7)
    paper_trail (2.7.2)
      activerecord (~> 3.0)
      railties (~> 3.0)
    paperclip (3.5.0)
      activemodel (>= 3.0.0)
      activesupport (>= 3.0.0)
      cocaine (~> 0.5.0)
      mime-types
    pg (0.16.0)
    plist (3.1.0)
    polyglot (0.3.3)
    pr_geohash (1.0.0)
    premailer (1.7.3)
      css_parser (>= 1.1.9)
      htmlentities (>= 4.0.0)
    private_pub (1.0.3)
      faye
    quiet_assets (1.0.2)
      railties (>= 3.1, < 5.0)
    rack (1.4.5)
    rack-cache (1.2)
      rack (>= 0.4)
    rack-oauth2 (1.0.5)
      activesupport (>= 2.3)
      attr_required (>= 0.0.5)
      httpclient (>= 2.2.0.2)
      multi_json (>= 1.3.6)
      rack (>= 1.1)
    rack-openid (1.3.1)
      rack (>= 1.1.0)
      ruby-openid (>= 2.1.8)
    rack-protection (1.5.0)
      rack
    rack-ssl (1.3.3)
      rack
    rack-test (0.6.2)
      rack (>= 1.0)
    rails (3.2.13)
      actionmailer (= 3.2.13)
      actionpack (= 3.2.13)
      activerecord (= 3.2.13)
      activeresource (= 3.2.13)
      activesupport (= 3.2.13)
      bundler (~> 1.0)
      railties (= 3.2.13)
    rails_autolink (1.1.0)
      rails (> 3.1)
    railties (3.2.13)
      actionpack (= 3.2.13)
      activesupport (= 3.2.13)
      rack-ssl (~> 1.3.2)
      rake (>= 0.8.7)
      rdoc (~> 3.4)
      thor (>= 0.14.6, < 2.0)
    rake (10.1.0)
    rdoc (3.12.2)
      json (~> 1.4)
    recaptcha (0.3.5)
    redis (3.0.4)
    redis-namespace (1.3.0)
      redis (~> 3.0.0)
    resque (1.24.1)
      mono_logger (~> 1.0)
      multi_json (~> 1.0)
      redis-namespace (~> 1.2)
      sinatra (>= 0.9.2)
      vegas (~> 0.1.2)
    resque-scheduler (2.0.1)
      redis (>= 2.0.1)
      resque (>= 1.20.0)
      rufus-scheduler
    resque_mailer (2.2.4)
      actionmailer (>= 3.0)
    rest-client (1.6.7)
      mime-types (>= 1.16)
    rotp (1.4.1)
    rsolr (1.0.9)
      builder (>= 2.1.2)
    ruby-openid (2.2.3)
    ruby-prof (0.13.0)
    rufus-scheduler (2.0.22)
      tzinfo (>= 0.3.23)
    sanitize (2.0.6)
      nokogiri (>= 1.4.4)
    sass (3.2.9)
    sass-rails (3.2.6)
      railties (~> 3.2.0)
      sass (>= 3.1.10)
      tilt (~> 1.3)
    seed_dump (0.5.3)
    select2-rails (3.4.3)
      sass-rails
      thor (~> 0.14)
    simple_form (2.1.0)
      actionpack (~> 3.0)
      activemodel (~> 3.0)
    sinatra (1.4.3)
      rack (~> 1.4)
      rack-protection (~> 1.4)
      tilt (~> 1.3, >= 1.3.4)
    sitemap_generator (4.1.1)
      builder
    sprockets (2.2.2)
      hike (~> 1.2)
      multi_json (~> 1.0)
      rack (~> 1.0)
      tilt (~> 1.1, != 1.3.0)
    sunspot (2.0.0)
      pr_geohash (~> 1.0)
      rsolr (~> 1.0.7)
    sunspot-queue (0.10.2)
      sunspot_rails (>= 1.3.0)
    sunspot_rails (2.0.0)
      nokogiri
      sunspot (= 2.0.0)
    sunspot_solr (2.0.0)
    test-unit (2.5.5)
    textpow1x (1.2.5)
      plist (>= 3.0.1)
    therubyracer (0.10.1)
      libv8 (~> 3.3.10)
    thin (1.5.1)
      daemons (>= 1.0.9)
      eventmachine (>= 0.12.6)
      rack (>= 1.0.0)
    thor (0.18.1)
    tilt (1.4.1)
    tinymce-rails (3.5.8)
      railties (>= 3.1.1)
    treetop (1.4.14)
      polyglot
      polyglot (>= 0.3.1)
    turnout (0.2.3)
      nokogiri (~> 1.3)
      rack
    tzinfo (0.3.37)
    uglifier (2.1.2)
      execjs (>= 0.3.0)
      multi_json (~> 1.0, >= 1.0.2)
    ultraviolet1x (0.14.0)
      textpow1x (>= 0.11.0)
    uniform_notifier (1.2.0)
    vegas (0.1.11)
      rack (>= 1.0.0)
    warden (1.1.1)
      rack (>= 1.0)
    websocket-driver (0.2.1)
    wicked_pdf (0.9.6)
      rails
    will_paginate (3.0.4)
    workflow (0.8.0)
    ya2yaml (0.31)
    yajl-ruby (1.1.0)

PLATFORMS
  ruby

DEPENDENCIES
  bluecloth (= 2.0.7)
  bullet
  cancan
  client_side_validations!
  client_side_validations-simple_form
  coffee-rails (~> 3.2.1)
  devise (= 2.0.4)
  el_finder
  email_preview
  exception_notification (= 2.6.1)
  fb_graph
  foreigner
  forem!
  forem-bootstrap!
  globalize3
  httparty
  icalendar
  jquery-rails (= 2.1.4)
  jquery-rjs!
  maktoub!
  nickname_generator
  omniauth-facebook
  omniauth-google-oauth2
  omniauth-linkedin
  omniauth-meetup
  omniauth-openid
  omniauth-twitter
  paperclip
  pg
  private_pub
  quiet_assets
  rails (= 3.2.13)
  rails_autolink
  recaptcha
  resque
  resque-scheduler
  resque_mailer
  rotp
  ruby-prof
  sanitize
  sass-rails (~> 3.2.3)
  seed_dump
  simple_form
  sitemap_generator
  sunspot-queue
  sunspot_rails
  sunspot_solr
  test-unit
  therubyracer (= 0.10.1)
  thin
  tinymce-rails (= 3.5.8)
  turnout
  uglifier (>= 1.0.3)
  ultraviolet1x
  vote-schulze!
  wicked_pdf
  will_paginate
